GEM
  remote: https://rubygems.org/
  specs:
    faraday (0.17.4)
      multipart-post (>= 1.2, < 3)
    faraday_middleware (0.14.0)
      faraday (>= 0.7.4, < 1.0)
    fast_gettext (1.1.2)
    gettext (3.2.9)
      locale (>= 2.0.5)
      text (>= 1.3.0)
    gettext-setup (0.34)
      fast_gettext (~> 1.1.0)
      gettext (>= 3.0.2, < 3.3.0)
      locale
    librarian-puppet (3.0.1)
      librarianp (>= 0.6.3)
      puppet_forge (~> 2.1)
      rsync
    librarianp (1.1.1)
      thor (~> 1.0)
    locale (2.1.3)
    minitar (0.9)
    multipart-post (2.1.1)
    puppet_forge (2.3.4)
      faraday (>= 0.9.0, < 0.18.0, != 0.13.1)
      faraday_middleware (>= 0.9.0, < 0.15.0)
      gettext-setup (~> 0.11)
      minitar
      semantic_puppet (~> 1.0)
    rsync (1.0.9)
    semantic_puppet (1.0.4)
    text (1.3.1)
    thor (1.1.0)

PLATFORMS
  ruby

DEPENDENCIES
  librarian-puppet

BUNDLED WITH
   2.1.4
